NUGET
  remote: https://www.nuget.org/api/v2
    Hedgehog (0.1)
GITHUB
  remote: ploeh/dependency-rejection-samples
    FSharp/BookingApi/Ma√ÆtreD.fs (f21b5d12181ee2f6a4bce51ffa39f084b7d0966c)
  remote: ploeh/KataTennis
    KataTennis/Tennis.fs (724b4cb397436e75cb0ce2e401edb6dc41b8b369)